GEM
  remote: http://rubygems.org/
  specs:
    daemons (1.0.10)
    gem_plugin (0.2.3)
    hashie (5.0.0)
    json (1.5.3)
    mongrel (1.2.0.pre2)
      daemons (~> 1.0.10)
      gem_plugin (~> 0.2.3)
    omniauth (1.9.2)
      hashie (>= 3.4.6)
      rack (>= 1.6.2, < 3)
    openid-redis-store (0.0.2)
      redis
      ruby-openid
    rack (1.6.13)
    redis (2.2.1)
    ruby-openid (2.9.2)
    sinatra (1.2.6)
      rack (~> 1.1)
      tilt (>= 1.2.2, < 2.0)
    tilt (1.3.2)
    uuidtools (2.1.1)

PLATFORMS
  ruby

DEPENDENCIES
  json (= 1.5.3)
  mongrel (= 1.2.0.pre2)
  omniauth (= 1.9.2)
  openid-redis-store (= 0.0.2)
  redis (= 2.2.1)
  sinatra (= 1.2.6)
  uuidtools (= 2.1.1)
