GEM
  remote: http://rubygems.org/
  specs:
    daemons (1.0.10)
    gem_plugin (0.2.3)
    hashie (5.0.0)
    json (2.3.0)
    mongrel (1.2.0.pre2)
      daemons (~> 1.0.10)
      gem_plugin (~> 0.2.3)
    mustermann (2.0.2)
      ruby2_keywords (~> 0.0.1)
    omniauth (2.0.0)
      hashie (>= 3.4.6)
      rack (>= 1.6.2, < 3)
      rack-protection
    openid-redis-store (0.0.2)
      redis
      ruby-openid
    rack (2.2.6.4)
    rack-protection (2.2.3)
      rack
    redis (2.2.1)
    ruby-openid (2.9.2)
    ruby2_keywords (0.0.5)
    sinatra (2.2.3)
      mustermann (~> 2.0)
      rack (~> 2.2)
      rack-protection (= 2.2.3)
      tilt (~> 2.0)
    tilt (2.1.0)
    uuidtools (2.1.1)

PLATFORMS
  ruby

DEPENDENCIES
  json (= 2.3.0)
  mongrel (= 1.2.0.pre2)
  omniauth (= 2.0.0)
  openid-redis-store (= 0.0.2)
  redis (= 2.2.1)
  sinatra (= 2.2.3)
  uuidtools (= 2.1.1)

BUNDLED WITH
   2.1.4
